GEM
  remote: https://rubygems.org/
  specs:
    ansi (1.5.0)
    builder (3.2.2)
    hashie (3.4.1)
    minitest (5.6.0)
    minitest-ansi (0.1.2)
      ansi (~> 1.3)
      minitest (>= 2.5)
    minitest-colorize (0.0.5)
      minitest (>= 2.0)
    minitest-emoji (2.0.0)
    minitest-english (0.1.0)
    minitest-reporters (1.0.11)
      ansi
      builder
      minitest (>= 5.0)
      ruby-progressbar
    minitest-wscolor (0.0.3)
      minitest (>= 2.3.1)
    powerbar (1.0.12)
      ansi (~> 1.5.0)
      hashie (>= 1.1.0)
    ruby-progressbar (1.7.5)
      powerbar

PLATFORMS
  ruby

DEPENDENCIES
  minitest
  minitest-ansi
  minitest-colorize
  minitest-emoji
  minitest-english
  minitest-reporters
  minitest-wscolor
